GEM
  remote: https://rubygems.org/
  specs:
    liquid (4.0.0)
    rack (1.6.5)
    rack-protection (1.5.3)
      rack
    sinatra (1.4.8)
      rack (~> 1.5)
      rack-protection (~> 1.4)
      tilt (>= 1.3, < 3)
    tilt (2.0.6)

PLATFORMS
  ruby

DEPENDENCIES
  liquid
  rack (< 2.0)
  sinatra

BUNDLED WITH
   1.11.2
